PATH
  remote: .
  specs:
    rubocop-yard (0.9.3)
      rubocop (~> 1.21)
      yard

GEM
  remote: https://rubygems.org/
  specs:
    activesupport (7.2.2)
      base64
      benchmark (>= 0.3)
      bigdecimal
      concurrent-ruby (~> 1.0, >= 1.3.1)
      connection_pool (>= 2.2.5)
      drb
      i18n (>= 1.6, < 2)
      logger (>= 1.4.2)
      minitest (>= 5.1)
      securerandom (>= 0.3)
      tzinfo (~> 2.0, >= 2.0.5)
    ast (2.4.2)
    base64 (0.2.0)
    benchmark (0.4.0)
    bigdecimal (3.1.8)
    concurrent-ruby (1.3.4)
    connection_pool (2.4.1)
    csv (3.3.0)
    debug (1.9.2)
      irb (~> 1.10)
      reline (>= 0.3.8)
    drb (2.2.1)
    ffi (1.17.0)
    fileutils (1.7.3)
    i18n (1.14.6)
      concurrent-ruby (~> 1.0)
    io-console (0.7.2)
    irb (1.14.1)
      rdoc (>= 4.0.0)
      reline (>= 0.4.2)
    json (2.8.2)
    language_server-protocol (3.17.0.3)
    listen (3.9.0)
      rb-fsevent (~> 0.10, >= 0.10.3)
      rb-inotify (~> 0.9, >= 0.9.10)
    logger (1.6.1)
    minitest (5.25.1)
    parallel (1.26.3)
    parser (3.3.6.0)
      ast (~> 2.4.1)
      racc
    psych (5.2.0)
      stringio
    racc (1.8.1)
    rainbow (3.1.1)
    rake (13.2.1)
    rb-fsevent (0.11.2)
    rb-inotify (0.11.1)
      ffi (~> 1.0)
    rbs (3.6.1)
      logger
    rdoc (6.8.1)
      psych (>= 4.0.0)
    regexp_parser (2.9.2)
    reline (0.5.11)
      io-console (~> 0.5)
    rubocop (1.68.0)
      json (~> 2.3)
      language_server-protocol (>= 3.17.0)
      parallel (~> 1.10)
      parser (>= 3.3.0.2)
      rainbow (>= 2.2.2, < 4.0)
      regexp_parser (>= 2.4, < 3.0)
      rubocop-ast (>= 1.32.2, < 2.0)
      ruby-progressbar (~> 1.7)
      unicode-display_width (>= 2.4.0, < 3.0)
    rubocop-ast (1.36.1)
      parser (>= 3.3.1.0)
    ruby-progressbar (1.13.0)
    securerandom (0.3.2)
    steep (1.8.3)
      activesupport (>= 5.1)
      concurrent-ruby (>= 1.1.10)
      csv (>= 3.0.9)
      fileutils (>= 1.1.0)
      json (>= 2.1.0)
      language_server-protocol (>= 3.15, < 4.0)
      listen (~> 3.0)
      logger (>= 1.3.0)
      parser (>= 3.1)
      rainbow (>= 2.2.2, < 4.0)
      rbs (~> 3.6.0)
      securerandom (>= 0.1)
      strscan (>= 1.0.0)
      terminal-table (>= 2, < 4)
    stringio (3.1.2)
    strscan (3.1.0)
    terminal-table (3.0.2)
      unicode-display_width (>= 1.1.1, < 3)
    tzinfo (2.0.6)
      concurrent-ruby (~> 1.0)
    unicode-display_width (2.6.0)
    yard (0.9.37)

PLATFORMS
  ruby

DEPENDENCIES
  activesupport (~> 7.0)
  debug
  rake (~> 13.0)
  rubocop (~> 1.21)
  rubocop-yard!
  steep

BUNDLED WITH
   2.4.18
